PATH
  remote: .
  specs:
    jekyll-cayman-theme (0.1.0)

GEM
  remote: https://rubygems.org/
  specs:
    colorator (1.1.0)
    ffi (1.11.1)
    jekyll (3.1.6)
      colorator
      jekyll-sass-converter (~> 1.0)
      jekyll-watch (~> 1.1)
      kramdown (~> 1.3)
      liquid (~> 3.0)
      mercenary (~> 0.3.3)
      rouge (~> 2.0)
      safe_yaml (~> 1.0)
    jekyll-paginate (1.1.0)
    jekyll-sass-converter (1.5.2)
      sass (~> 3.4)
    jekyll-watch (1.3.0)
      listen (~> 3.0)
    kramdown (1.17.0)
    liquid (3.0.6)
    listen (3.1.5)
      rb-inotify (~> 0.9, >= 0.9.7)
    mercenary (0.3.6)
    multi_json (1.12.1)
    pygments.rb (1.2.0)
      multi_json (>= 1.0.0)
    rake (10.5.0)
    rb-inotify (0.9.7)
      ffi (>= 0.5.0)
    rouge (2.2.1)
    safe_yaml (1.0.4)
    sass (3.5.3)

PLATFORMS
  ruby

DEPENDENCIES
  bundler (= 2.0.2)
  jekyll
  jekyll-cayman-theme!
  jekyll-paginate
  kramdown
  pygments.rb
  rake (~> 10.0)

BUNDLED WITH
   2.0.2
